NUGET
  remote: https://nuget.org/api/v2
  specs:
    FAKE (3.35.2)
    FAKE.Core (3.35.2)
    FAKE.IIS (3.35.2)
      FAKE.Core (3.35.2)
    FunScript (1.1.94)
    FunScript.TypeScript.Binding.jquery (1.1.0.37)
      FunScript.TypeScript.Binding.lib (>= 1.1.0.37)
    FunScript.TypeScript.Binding.lib (1.1.0.37)
    FunScript.TypeScript.Binding.signalr (1.1.0.37)
      FunScript.TypeScript.Binding.jquery (>= 1.1.0.37)
      FunScript.TypeScript.Binding.lib (>= 1.1.0.37)
    FunScript.TypeScript.Binding.underscore (1.1.0.37)
      FunScript.TypeScript.Binding.lib (>= 1.1.0.37)
    Microsoft.AspNet.SignalR.Core (2.2.0)
      Microsoft.Owin (>= 2.1.0)
      Microsoft.Owin.Security (>= 2.1.0)
      Newtonsoft.Json (>= 6.0.4)
      Owin (>= 1.0)
    Microsoft.AspNet.WebApi.Client (5.2.2) - framework: >= net45
      Newtonsoft.Json (>= 6.0.4) - framework: portable-wp80+win+net45+wp81+wpa81, >= net45
    Microsoft.AspNet.WebApi.Core (5.2.2) - framework: >= net45
      Microsoft.AspNet.WebApi.Client (>= 5.2.2)
    Microsoft.AspNet.WebApi.Owin (5.2.2) - framework: >= net45
      Microsoft.AspNet.WebApi.Core (>= 5.2.2 < 5.3.0)
      Microsoft.Owin (>= 2.0.2)
      Owin (>= 1.0)
    Microsoft.Owin (3.0.0) - framework: >= net45
      Owin (>= 1.0)
    Microsoft.Owin.Diagnostics (3.0.0) - framework: >= net45
      Microsoft.Owin (>= 3.0.0)
      Owin (>= 1.0)
    Microsoft.Owin.Host.SystemWeb (3.0.0) - framework: >= net45
      Microsoft.Owin (>= 3.0.0)
      Owin (>= 1.0)
    Microsoft.Owin.Security (3.0.0)
      Microsoft.Owin (>= 3.0.0)
      Owin (>= 1.0)
    MSBuild.Extension.Pack (1.3.0)
    Newtonsoft.Json (6.0.4) - framework: >= net45
    Owin (1.0) - framework: >= net45
