NUGET
  remote: https://nuget.org/api/v2
  specs:
    FAKE (3.35.4)
    FAKE.Core (3.35.4)
    FAKE.IIS (3.35.4)
      FAKE.Core (3.35.4)
    FSharp.Core (3.1.2.1)
    FsPickler (1.2.9)
    FunScript (1.1.94)
    FunScript.TypeScript.Binding.jquery (1.1.0.37)
      FunScript.TypeScript.Binding.lib (>= 1.1.0.37)
    FunScript.TypeScript.Binding.lib (1.1.0.37)
    MSBuild.Extension.Pack (1.6.0)
    Newtonsoft.Json (7.0.1)
    protobuf-net (2.0.0.668)
    rethinkdb-net (0.11.0.0)
      protobuf-net (>= 2.0.0.666)
    rethinkdb-net-newtonsoft (0.11.0.0)
      Newtonsoft.Json (>= 5.0.8)
      protobuf-net (>= 2.0.0.666)
      rethinkdb-net (>= 0.11.0.0)
    Suave (0.28.1) - framework: >= net45
      FSharp.Core (>= 3.1.2.1)
      FsPickler (>= 1.0.7)
